GEM
  remote: https://rubygems.org/
  specs:
    json (1.8.1)
    plist (3.1.0)

PLATFORMS
  ruby

DEPENDENCIES
  json
  plist
